PATH
  remote: .
  specs:
    gorynich (0.1.11)
      diplomat (~> 2)
      rails (~> 6.1)

GEM
  remote: https://library.rnds.pro/repository/rubygems/
  specs:
    actioncable (6.1.6.1)
      actionpack (= 6.1.6.1)
      activesupport (= 6.1.6.1)
      nio4r (~> 2.0)
      websocket-driver (>= 0.6.1)
    actionmailbox (6.1.6.1)
      actionpack (= 6.1.6.1)
      activejob (= 6.1.6.1)
      activerecord (= 6.1.6.1)
      activestorage (= 6.1.6.1)
      activesupport (= 6.1.6.1)
      mail (>= 2.7.1)
    actionmailer (6.1.6.1)
      actionpack (= 6.1.6.1)
      actionview (= 6.1.6.1)
      activejob (= 6.1.6.1)
      activesupport (= 6.1.6.1)
      mail (~> 2.5, >= 2.5.4)
      rails-dom-testing (~> 2.0)
    actionpack (6.1.6.1)
      actionview (= 6.1.6.1)
      activesupport (= 6.1.6.1)
      rack (~> 2.0, >= 2.0.9)
      rack-test (>= 0.6.3)
      rails-dom-testing (~> 2.0)
      rails-html-sanitizer (~> 1.0, >= 1.2.0)
    actiontext (6.1.6.1)
      actionpack (= 6.1.6.1)
      activerecord (= 6.1.6.1)
      activestorage (= 6.1.6.1)
      activesupport (= 6.1.6.1)
      nokogiri (>= 1.8.5)
    actionview (6.1.6.1)
      activesupport (= 6.1.6.1)
      builder (~> 3.1)
      erubi (~> 1.4)
      rails-dom-testing (~> 2.0)
      rails-html-sanitizer (~> 1.1, >= 1.2.0)
    activejob (6.1.6.1)
      activesupport (= 6.1.6.1)
      globalid (>= 0.3.6)
    activemodel (6.1.6.1)
      activesupport (= 6.1.6.1)
    activerecord (6.1.6.1)
      activemodel (= 6.1.6.1)
      activesupport (= 6.1.6.1)
    activestorage (6.1.6.1)
      actionpack (= 6.1.6.1)
      activejob (= 6.1.6.1)
      activerecord (= 6.1.6.1)
      activesupport (= 6.1.6.1)
      marcel (~> 1.0)
      mini_mime (>= 1.1.0)
    activesupport (6.1.6.1)
      concurrent-ruby (~> 1.0, >= 1.0.2)
      i18n (>= 1.6, < 2)
      minitest (>= 5.1)
      tzinfo (~> 2.0)
      zeitwerk (~> 2.3)
    addressable (2.8.1)
      public_suffix (>= 2.0.2, < 6.0)
    ansi (1.5.0)
    builder (3.2.4)
    byebug (11.1.3)
    concurrent-ruby (1.1.10)
    crack (0.4.5)
      rexml
    crass (1.0.6)
    date (3.3.3)
    deep_merge (1.2.2)
    diff-lcs (1.5.0)
    diplomat (2.6.4)
      deep_merge (~> 1.2)
      faraday (>= 0.9, < 3.0, != 2.0.0)
    docile (1.4.0)
    erubi (1.11.0)
    factory_bot (6.2.1)
      activesupport (>= 5.0.0)
    factory_bot_rails (6.2.0)
      factory_bot (~> 6.2.0)
      railties (>= 5.0.0)
    faker (2.23.0)
      i18n (>= 1.8.11, < 2)
    faraday (2.7.4)
      faraday-net_http (>= 2.0, < 3.1)
      ruby2_keywords (>= 0.0.4)
    faraday-net_http (3.0.2)
    globalid (1.0.1)
      activesupport (>= 5.0)
    hashdiff (1.0.1)
    i18n (1.12.0)
      concurrent-ruby (~> 1.0)
    loofah (2.18.0)
      crass (~> 1.0.2)
      nokogiri (>= 1.5.9)
    mail (2.8.0.1)
      mini_mime (>= 0.1.1)
      net-imap
      net-pop
      net-smtp
    marcel (1.0.2)
    method_source (1.0.0)
    mini_mime (1.1.2)
    minitest (5.16.3)
    net-imap (0.3.4)
      date
      net-protocol
    net-pop (0.1.2)
      net-protocol
    net-protocol (0.2.1)
      timeout
    net-smtp (0.3.3)
      net-protocol
    nio4r (2.5.8)
    nokogiri (1.13.8-x86_64-linux)
      racc (~> 1.4)
    pg (1.4.3)
    public_suffix (5.0.0)
    racc (1.6.0)
    rack (2.2.4)
    rack-test (2.0.2)
      rack (>= 1.3)
    rails (6.1.6.1)
      actioncable (= 6.1.6.1)
      actionmailbox (= 6.1.6.1)
      actionmailer (= 6.1.6.1)
      actionpack (= 6.1.6.1)
      actiontext (= 6.1.6.1)
      actionview (= 6.1.6.1)
      activejob (= 6.1.6.1)
      activemodel (= 6.1.6.1)
      activerecord (= 6.1.6.1)
      activestorage (= 6.1.6.1)
      activesupport (= 6.1.6.1)
      bundler (>= 1.15.0)
      railties (= 6.1.6.1)
      sprockets-rails (>= 2.0.0)
    rails-dom-testing (2.0.3)
      activesupport (>= 4.2.0)
      nokogiri (>= 1.6)
    rails-html-sanitizer (1.4.3)
      loofah (~> 2.3)
    railties (6.1.6.1)
      actionpack (= 6.1.6.1)
      activesupport (= 6.1.6.1)
      method_source
      rake (>= 12.2)
      thor (~> 1.0)
    rake (13.0.6)
    rexml (3.2.5)
    rspec-collection_matchers (1.2.0)
      rspec-expectations (>= 2.99.0.beta1)
    rspec-core (3.11.0)
      rspec-support (~> 3.11.0)
    rspec-expectations (3.11.1)
      diff-lcs (>= 1.2.0, < 2.0)
      rspec-support (~> 3.11.0)
    rspec-mocks (3.11.1)
      diff-lcs (>= 1.2.0, < 2.0)
      rspec-support (~> 3.11.0)
    rspec-rails (5.1.2)
      actionpack (>= 5.2)
      activesupport (>= 5.2)
      railties (>= 5.2)
      rspec-core (~> 3.10)
      rspec-expectations (~> 3.10)
      rspec-mocks (~> 3.10)
      rspec-support (~> 3.10)
    rspec-retry (0.6.2)
      rspec-core (> 3.3)
    rspec-set (0.1.3)
    rspec-support (3.11.0)
    rspec_junit_formatter (0.5.1)
      rspec-core (>= 2, < 4, != 2.12.0)
    ruby2_keywords (0.0.5)
    shoulda-callback-matchers (1.1.4)
      activesupport (>= 3)
    shoulda-matchers (5.1.0)
      activesupport (>= 5.2.0)
    simplecov (0.21.2)
      docile (~> 1.1)
      simplecov-html (~> 0.11)
      simplecov_json_formatter (~> 0.1)
    simplecov-console (0.9.1)
      ansi
      simplecov
      terminal-table
    simplecov-html (0.12.3)
    simplecov_json_formatter (0.1.4)
    sprockets (4.2.0)
      concurrent-ruby (~> 1.0)
      rack (>= 2.2.4, < 4)
    sprockets-rails (3.4.2)
      actionpack (>= 5.2)
      activesupport (>= 5.2)
      sprockets (>= 3.0.0)
    terminal-table (3.0.2)
      unicode-display_width (>= 1.1.1, < 3)
    thor (1.2.1)
    timeout (0.3.1)
    tzinfo (2.0.5)
      concurrent-ruby (~> 1.0)
    tzinfo-data (1.2022.4)
      tzinfo (>= 1.0.0)
    unicode-display_width (2.2.0)
    webmock (3.18.1)
      addressable (>= 2.8.0)
      crack (>= 0.3.2)
      hashdiff (>= 0.4.0, < 2.0.0)
    websocket-driver (0.7.5)
      websocket-extensions (>= 0.1.0)
    websocket-extensions (0.1.5)
    zeitwerk (2.6.0)

PLATFORMS
  x86_64-linux

DEPENDENCIES
  byebug
  factory_bot_rails
  faker
  gorynich!
  pg
  rspec-collection_matchers
  rspec-rails
  rspec-retry
  rspec-set
  rspec_junit_formatter
  shoulda-callback-matchers
  shoulda-matchers
  simplecov
  simplecov-console
  tzinfo-data
  webmock

BUNDLED WITH
   2.3.21
